GEM
  remote: https://rubygems.org/
  specs:
    fakeweb (1.3.0)
    hashie (5.0.0)
    httparty (0.14.0)
      multi_xml (>= 0.5.2)
    json (2.6.3)
    minitest (5.10.1)
    multi_xml (0.6.0)
    oauth (1.1.0)
      oauth-tty (~> 1.0, >= 1.0.1)
      snaky_hash (~> 2.0)
      version_gem (~> 1.1)
    oauth-tty (1.0.5)
      version_gem (~> 1.1, >= 1.1.1)
    rake (12.0.0)
    snaky_hash (2.0.1)
      hashie
      version_gem (~> 1.1, >= 1.1.1)
    version_gem (1.1.2)

PLATFORMS
  ruby

DEPENDENCIES
  fakeweb
  httparty
  json
  minitest
  oauth (~> 1.1)
  rake

BUNDLED WITH
   2.4.11
